GEM
  remote: https://rubygems.org/
  specs:
    minitest (5.15.0)
    rake (13.0.6)

PLATFORMS
  ruby

DEPENDENCIES
  minitest (~> 5.15)
  rake (~> 13.0, >= 13.0.6)

BUNDLED WITH
   1.17.2
